GEM
  remote: https://rubygems.org/
  specs:
    app_configuration (0.0.2)
    evernote-thrift (1.25.1)
    evernote_oauth (0.2.2)
      evernote-thrift
      oauth (>= 0.4.1)
    haml (4.0.4)
      tilt
    oauth (0.4.7)
    rack (1.5.2)
    rack-protection (1.5.1)
      rack
    sinatra (1.4.4)
      rack (~> 1.4)
      rack-protection (~> 1.4)
      tilt (~> 1.3, >= 1.3.4)
    tilt (1.4.1)

PLATFORMS
  ruby

DEPENDENCIES
  app_configuration
  bundler
  evernote_oauth
  haml
  sinatra
